PATH
  remote: .
  specs:
    freckly (0.0.1)
      faraday (~> 0.5.3)
      faraday_middleware (~> 0.2.1)
      hashie (~> 0.4.0)
      multi_xml (~> 0.2.0)

GEM
  remote: http://rubygems.org/
  specs:
    addressable (2.2.2)
    crack (0.1.8)
    diff-lcs (1.1.2)
    faraday (0.5.3)
      addressable (~> 2.2.2)
      multipart-post (~> 1.0.1)
      rack (>= 1.1.0, < 2)
    faraday_middleware (0.2.1)
      faraday (~> 0.5.1)
    hashie (0.4.0)
    multi_xml (0.2.0)
    multipart-post (1.0.1)
    rack (1.2.1)
    rake (0.8.7)
    rspec (2.1.0)
      rspec-core (~> 2.1.0)
      rspec-expectations (~> 2.1.0)
      rspec-mocks (~> 2.1.0)
    rspec-core (2.1.0)
    rspec-expectations (2.1.0)
      diff-lcs (~> 1.1.2)
    rspec-mocks (2.1.0)
    webmock (1.5.0)
      addressable (>= 2.2.2)
      crack (>= 0.1.7)

PLATFORMS
  ruby

DEPENDENCIES
  faraday (~> 0.5.3)
  faraday_middleware (~> 0.2.1)
  freckly!
  hashie (~> 0.4.0)
  multi_xml (~> 0.2.0)
  rake (~> 0.8.7)
  rspec (~> 2.1.0)
  webmock (~> 1.5.0)
