PATH
  remote: .
  specs:
    freckly (0.0.3)
      faraday (~> 0.5.7)
      faraday_middleware (~> 0.3.0)
      hashie (~> 0.4.0)
      multi_xml (~> 0.2.0)

GEM
  remote: http://rubygems.org/
  specs:
    addressable (2.2.4)
    crack (0.1.8)
    diff-lcs (1.1.2)
    faraday (0.5.7)
      addressable (~> 2.2.4)
      multipart-post (~> 1.1.0)
      rack (>= 1.1.0, < 2)
    faraday_middleware (0.3.2)
      faraday (~> 0.5.4)
    hashie (0.4.0)
    multi_xml (0.2.2)
    multipart-post (1.1.0)
    rack (1.2.2)
    rake (0.8.7)
    rspec (2.1.0)
      rspec-core (~> 2.1.0)
      rspec-expectations (~> 2.1.0)
      rspec-mocks (~> 2.1.0)
    rspec-core (2.1.0)
    rspec-expectations (2.1.0)
      diff-lcs (~> 1.1.2)
    rspec-mocks (2.1.0)
    webmock (1.6.2)
      addressable (>= 2.2.2)
      crack (>= 0.1.7)

PLATFORMS
  ruby

DEPENDENCIES
  freckly!
  rake (~> 0.8.7)
  rspec (~> 2.1.0)
  webmock (~> 1.6.1)
